PATH
  remote: .
  specs:
    lhm-shopify (3.5.0)
      retriable (>= 3.0.0)

GEM
  remote: https://rubygems.org/
  specs:
    activemodel (4.2.11.3)
      activesupport (= 4.2.11.3)
      builder (~> 3.1)
    activerecord (4.2.11.3)
      activemodel (= 4.2.11.3)
      activesupport (= 4.2.11.3)
      arel (~> 6.0)
    activesupport (4.2.11.3)
      i18n (~> 0.7)
      minitest (~> 5.1)
      thread_safe (~> 0.3, >= 0.3.4)
      tzinfo (~> 1.1)
    appraisal (2.4.1)
      bundler
      rake
      thor (>= 0.14.0)
    arel (6.0.4)
    builder (3.2.4)
    byebug (11.1.3)
    concurrent-ruby (1.1.9)
    docile (1.4.0)
    i18n (0.9.5)
      concurrent-ruby (~> 1.0)
    method_hooks (1.1.0)
      activesupport (~> 4.1)
    minitest (5.14.4)
    mocha (1.13.0)
    mysql2 (0.5.3)
    rake (13.0.6)
    retriable (3.1.2)
    simplecov (0.21.2)
      docile (~> 1.1)
      simplecov-html (~> 0.11)
      simplecov_json_formatter (~> 0.1)
    simplecov-html (0.12.3)
    simplecov_json_formatter (0.1.3)
    thor (1.1.0)
    thread_safe (0.3.6)
    toxiproxy (2.0.0)
    tzinfo (1.2.9)
      thread_safe (~> 0.1)

PLATFORMS
  x86_64-darwin-20
  x86_64-linux

DEPENDENCIES
  activerecord
  activesupport
  appraisal
  byebug
  lhm-shopify!
  method_hooks
  minitest
  mocha
  mysql2
  rake
  simplecov
  toxiproxy

BUNDLED WITH
   2.2.22
